PATH
  remote: .
  specs:
    activemodel-warnings (1.0.3)
      activemodel (~> 3.0)

GEM
  remote: http://rubygems.org/
  specs:
    activemodel (3.0.4)
      activesupport (= 3.0.4)
      builder (~> 2.1.2)
      i18n (~> 0.4)
    activerecord (3.0.4)
      activemodel (= 3.0.4)
      activesupport (= 3.0.4)
      arel (~> 2.0.2)
      tzinfo (~> 0.3.23)
    activesupport (3.0.4)
    arel (2.0.8)
    builder (2.1.2)
    i18n (0.5.0)
    minitest-instrument (0.0.1)
      activesupport (~> 3.0)
    minitest-instrument-db (0.0.1)
      activerecord (~> 3.0)
    mocha (0.9.12)
    mysql (2.8.1)
    pg (0.9.0)
    rake (0.9.2.2)
    sqlite3 (1.3.3)
    tzinfo (0.3.24)

PLATFORMS
  ruby

DEPENDENCIES
  activemodel-warnings!
  minitest-instrument
  minitest-instrument-db
  mocha
  mysql
  pg
  rake
  sqlite3
